PATH
  remote: .
  specs:
    sensu-plugins-prometheus-checks (2.0.0)
      kubeclient (~> 2.3)

GEM
  remote: https://rubygems.org/
  specs:
    addressable (2.5.0)
      public_suffix (~> 2.0, >= 2.0.2)
    ast (2.3.0)
    crack (0.4.3)
      safe_yaml (~> 1.0.0)
    diff-lcs (1.3)
    docile (1.1.5)
    domain_name (0.5.20170223)
      unf (>= 0.0.5, < 1.0.0)
    hashdiff (0.3.2)
    http (0.9.8)
      addressable (~> 2.3)
      http-cookie (~> 1.0)
      http-form_data (~> 1.0.1)
      http_parser.rb (~> 0.6.0)
    http-cookie (1.0.3)
      domain_name (~> 0.5)
    http-form_data (1.0.1)
    http_parser.rb (0.6.0)
    json (2.0.3)
    kubeclient (2.3.0)
      http (= 0.9.8)
      recursive-open-struct (= 1.0.0)
      rest-client
    mime-types (3.1)
      mime-types-data (~> 3.2015)
    mime-types-data (3.2016.0521)
    netrc (0.11.0)
    parser (2.4.0.0)
      ast (~> 2.2)
    powerpack (0.1.1)
    public_suffix (2.0.5)
    rainbow (2.2.1)
    rake (12.0.0)
    recursive-open-struct (1.0.0)
    rest-client (2.0.1)
      http-cookie (>= 1.0.2, < 2.0)
      mime-types (>= 1.16, < 4.0)
      netrc (~> 0.8)
    rspec (3.5.0)
      rspec-core (~> 3.5.0)
      rspec-expectations (~> 3.5.0)
      rspec-mocks (~> 3.5.0)
    rspec-core (3.5.4)
      rspec-support (~> 3.5.0)
    rspec-expectations (3.5.0)
      diff-lcs (>= 1.2.0, < 2.0)
      rspec-support (~> 3.5.0)
    rspec-mocks (3.5.0)
      diff-lcs (>= 1.2.0, < 2.0)
      rspec-support (~> 3.5.0)
    rspec-support (3.5.0)
    rubocop (0.47.1)
      parser (>= 2.3.3.1, < 3.0)
      powerpack (~> 0.1)
      rainbow (>= 1.99.1, < 3.0)
      ruby-progressbar (~> 1.7)
      unicode-display_width (~> 1.0, >= 1.0.1)
    ruby-progressbar (1.8.1)
    safe_yaml (1.0.4)
    simplecov (0.13.0)
      docile (~> 1.1.0)
      json (>= 1.8, < 3)
      simplecov-html (~> 0.10.0)
    simplecov-html (0.10.0)
    unf (0.1.4)
      unf_ext
    unf_ext (0.0.7.2)
    unicode-display_width (1.1.3)
    vcr (3.0.3)
    webmock (2.3.2)
      addressable (>= 2.3.6)
      crack (>= 0.3.2)
      hashdiff

PLATFORMS
  ruby

DEPENDENCIES
  bundler (~> 1.14)
  rake (~> 12.0)
  rspec (~> 3.5)
  rubocop (~> 0.47)
  sensu-plugins-prometheus-checks!
  simplecov (~> 0.13)
  vcr (~> 3.0)
  webmock (~> 2.3.2)

BUNDLED WITH
   1.14.5
